GEM
  remote: http://rubygems.org/
  remote: http://rubygems.org/
  specs:
    actionmailer (3.2.0)
      actionpack (= 3.2.0)
      mail (~> 2.4.0)
    actionpack (3.2.0)
      activemodel (= 3.2.0)
      activesupport (= 3.2.0)
      builder (~> 3.0.0)
      erubis (~> 2.7.0)
      journey (~> 1.0.0)
      rack (~> 1.4.0)
      rack-cache (~> 1.1)
      rack-test (~> 0.6.1)
      sprockets (~> 2.1.2)
    activemodel (3.2.0)
      activesupport (= 3.2.0)
      builder (~> 3.0.0)
    activerecord (3.2.0)
      activemodel (= 3.2.0)
      activesupport (= 3.2.0)
      arel (~> 3.0.0)
      tzinfo (~> 0.3.29)
    activeresource (3.2.0)
      activemodel (= 3.2.0)
      activesupport (= 3.2.0)
    activesupport (3.2.0)
      i18n (~> 0.6)
      multi_json (~> 1.0)
    addressable (2.2.7)
    arel (3.0.2)
    aws-s3 (0.6.2)
      builder
      mime-types
      xml-simple
<<<<<<< HEAD
    aws-sdk (1.4.0)
=======
    aws-sdk (1.4.1)
>>>>>>> wave2
      httparty (~> 0.7)
      json (~> 1.4)
      nokogiri (>= 1.4.4)
      uuidtools (~> 2.1)
<<<<<<< HEAD
    bcrypt-ruby (3.0.1-x86-mingw32)
=======
    bcrypt-ruby (3.0.1)
>>>>>>> wave2
    bootstrap-sass (2.0.2)
    builder (3.0.0)
    cancan (1.6.7)
    chunky_png (1.2.5)
    cocaine (0.2.1)
    compass (0.12.1)
      chunky_png (~> 1.2)
      fssm (>= 0.2.7)
      sass (~> 3.1)
    date_validator (0.6.3)
      activemodel (~> 3.0)
    devise (2.0.4)
      bcrypt-ruby (~> 3.0)
      orm_adapter (~> 0.0.3)
      railties (~> 3.1)
      warden (~> 1.1.1)
    erubis (2.7.0)
<<<<<<< HEAD
    factory_girl (3.1.0)
=======
    factory_girl (3.1.1)
>>>>>>> wave2
      activesupport (>= 3.0.0)
    factory_girl_rails (3.1.0)
      factory_girl (~> 3.1.0)
      railties (>= 3.0.0)
    faraday (0.7.6)
      addressable (~> 2.2)
      multipart-post (~> 1.1)
      rack (~> 1.1)
    fssm (0.2.9)
    geocoder (1.1.1)
    hashie (1.2.0)
    hike (1.2.1)
<<<<<<< HEAD
    httparty (0.8.2)
      multi_json
=======
    httparty (0.8.3)
      multi_json (~> 1.0)
>>>>>>> wave2
      multi_xml
    httpauth (0.1)
    i18n (0.6.0)
    icalendar (1.1.6)
    journey (1.0.3)
<<<<<<< HEAD
    jquery-rails (1.0.19)
      railties (~> 3.0)
=======
    jquery-rails (2.0.2)
      railties (>= 3.2.0, < 5.0)
>>>>>>> wave2
      thor (~> 0.14)
    jquery_datepicker (0.3.4)
    jquery_mobile_rails (1.1.0)
      rails (>= 3.1.0)
    json (1.6.6)
    mail (2.4.4)
      i18n (>= 0.4.0)
      mime-types (~> 1.16)
      treetop (~> 1.4.8)
    mime-types (1.18)
<<<<<<< HEAD
    mobylette (2.1)
      actionpack (>= 3.0)
    multi_json (1.3.1)
    multi_xml (0.4.4)
    multipart-post (1.1.5)
    newrelic_rpm (3.3.3)
    nokogiri (1.5.0-x86-mingw32)
    oauth2 (0.6.0)
      faraday (~> 0.7)
      httpauth (~> 0.1)
      multi_json (~> 1.0)
=======
    mobylette (2.2)
      actionpack (>= 3.0)
    multi_json (1.3.2)
    multi_xml (0.4.4)
    multipart-post (1.1.5)
    newrelic_rpm (3.3.4)
    nokogiri (1.5.2)
    oauth2 (0.6.1)
      faraday (~> 0.7)
      httpauth (~> 0.1)
      multi_json (~> 1.3)
>>>>>>> wave2
    omniauth (1.1.0)
      hashie (~> 1.2)
      rack
    omniauth-facebook (1.2.0)
      omniauth-oauth2 (~> 1.0.0)
    omniauth-google-oauth2 (0.1.9)
      omniauth (~> 1.0)
      omniauth-oauth2
    omniauth-oauth2 (1.0.1)
      oauth2 (~> 0.6.0)
      omniauth (~> 1.0)
    orm_adapter (0.0.7)
    paperclip (3.0.2)
      activemodel (>= 3.0.0)
      activerecord (>= 3.0.0)
      activesupport (>= 3.0.0)
      cocaine (>= 0.0.2)
      mime-types
<<<<<<< HEAD
    pg (0.13.2-x86-mingw32)
=======
    pg (0.13.2)
>>>>>>> wave2
    polyglot (0.3.3)
    rack (1.4.1)
    rack-cache (1.2)
      rack (>= 0.4)
    rack-ssl (1.3.2)
      rack
    rack-test (0.6.1)
      rack (>= 1.0)
    rails (3.2.0)
      actionmailer (= 3.2.0)
      actionpack (= 3.2.0)
      activerecord (= 3.2.0)
      activeresource (= 3.2.0)
      activesupport (= 3.2.0)
      bundler (~> 1.0)
      railties (= 3.2.0)
<<<<<<< HEAD
    rails-footnotes (3.7.7)
=======
    rails-footnotes (3.7.8)
>>>>>>> wave2
      rails (>= 3.0.0)
    railties (3.2.0)
      actionpack (= 3.2.0)
      activesupport (= 3.2.0)
      rack-ssl (~> 1.3.2)
      rake (>= 0.8.7)
      rdoc (~> 3.4)
      thor (~> 0.14.6)
    rake (0.9.2.2)
    rdoc (3.12)
      json (~> 1.4)
    rmagick (2.13.1)
<<<<<<< HEAD
    sass (3.1.15)
=======
    sass (3.1.16)
>>>>>>> wave2
    sass-rails (3.2.5)
      railties (~> 3.2.0)
      sass (>= 3.1.10)
      tilt (~> 1.3)
    sinatra (1.0)
      rack (>= 1.0)
    sprockets (2.1.2)
      hike (~> 1.2)
      rack (~> 1.0)
      tilt (~> 1.1, != 1.3.0)
<<<<<<< HEAD
    sqlite3 (1.3.6-x86-mingw32)
=======
    sqlite3 (1.3.6)
>>>>>>> wave2
    thor (0.14.6)
    tilt (1.3.3)
    tlsmail (0.0.1)
    treetop (1.4.10)
      polyglot
      polyglot (>= 0.3.1)
    tzinfo (0.3.33)
    uuidtools (2.1.2)
    warden (1.1.1)
      rack (>= 1.0)
    wicked (0.1.4)
      activesupport (>= 3.0.7)
      rails (>= 3.0.7)
    will_paginate (3.0.3)
    xml-simple (1.1.1)

PLATFORMS
<<<<<<< HEAD
  x86-mingw32
=======
  ruby
>>>>>>> wave2

DEPENDENCIES
  aws-s3
  aws-sdk
  bootstrap-sass
  cancan
  compass
  date_validator
  devise
  factory_girl_rails
  geocoder
  icalendar
  jquery-rails
  jquery_datepicker
  jquery_mobile_rails
  mobylette
  newrelic_rpm
  nokogiri
  omniauth-facebook
  omniauth-google-oauth2
  paperclip
  pg
  rails (= 3.2.0)
  rails-footnotes
  rmagick
  sass-rails (~> 3.2.3)
  sinatra (= 1.0)
  sqlite3
  tlsmail
  wicked
  will_paginate (~> 3.0)
